GEM
  remote: https://rubygems.org/
  specs:
    base64 (0.2.0)
    coderay (1.1.3)
    gala (0.5.0)
      openssl (= 3.1.0)
    json (2.7.1)
    logger (1.6.0)
    method_source (1.0.0)
    multi_json (1.15.0)
    mustermann (3.0.0)
      ruby2_keywords (~> 0.0.1)
    nio4r (2.7.0)
    openssl (3.1.0)
    pry (0.14.2)
      coderay (~> 1.1)
      method_source (~> 1.0)
    puma (6.4.1)
      nio4r (~> 2.0)
    rack (2.2.8)
    rack-protection (3.2.0)
      base64 (>= 0.1.0)
      rack (~> 2.2, >= 2.2.4)
    ruby2_keywords (0.0.5)
    sinatra (3.2.0)
      mustermann (~> 3.0)
      rack (~> 2.2, >= 2.2.4)
      rack-protection (= 3.2.0)
      tilt (~> 2.0)
    sinatra-contrib (3.2.0)
      multi_json (>= 0.0.2)
      mustermann (~> 3.0)
      rack-protection (= 3.2.0)
      sinatra (= 3.2.0)
      tilt (~> 2.0)
    sinatra-cross_origin (0.4.0)
    tilt (2.3.0)

PLATFORMS
  arm64-darwin-22

DEPENDENCIES
  gala
  json
  logger
  pry
  puma
  sinatra
  sinatra-contrib
  sinatra-cross_origin

BUNDLED WITH
   2.4.17
